GEM
  remote: https://rubygems.org/
  specs:
    adsf (1.2.1)
      rack (>= 1.0.0)
    autoprefixer-rails (6.5.1.1)
      execjs
    bootstrap (4.0.0.alpha5)
      autoprefixer-rails (>= 6.0.3)
      sass (>= 3.4.19)
    chunky_png (1.3.7)
    colored (1.2)
    compass (1.0.3)
      chunky_png (~> 1.2)
      compass-core (~> 1.0.2)
      compass-import-once (~> 1.0.5)
      rb-fsevent (>= 0.9.3)
      rb-inotify (>= 0.9)
      sass (>= 3.3.13, < 3.5)
    compass-core (1.0.3)
      multi_json (~> 1.0)
      sass (>= 3.3.0, < 3.5)
    compass-import-once (1.0.5)
      sass (>= 3.2, < 3.5)
    concurrent-ruby (1.0.2)
    cri (2.7.0)
      colored (~> 1.2)
    execjs (2.7.0)
    ffi (1.9.14)
    hamster (3.0.0)
      concurrent-ruby (~> 1.0)
    kramdown (1.12.0)
    multi_json (1.12.1)
    nanoc (4.3.7)
      cri (~> 2.3)
      hamster (~> 3.0)
      parallel (~> 1.9)
      ref (~> 2.0)
    parallel (1.9.0)
    rack (2.0.1)
    rb-fsevent (0.9.8)
    rb-inotify (0.9.7)
      ffi (>= 0.5.0)
    ref (2.0.0)
    sass (3.4.22)

PLATFORMS
  ruby

DEPENDENCIES
  adsf
  bootstrap (~> 4.0.0.alpha5)
  compass
  kramdown
  nanoc

BUNDLED WITH
   1.13.6
