GEM
  remote: https://rubygems.org/
  specs:
    adsf (1.2.1)
      rack (>= 1.0.0)
    allison (2.0.3)
    builder (3.2.2)
    chunky_png (1.3.8)
    coderay (1.1.1)
    colored (1.2)
    compass (1.0.3)
      chunky_png (~> 1.2)
      compass-core (~> 1.0.2)
      compass-import-once (~> 1.0.5)
      rb-fsevent (>= 0.9.3)
      rb-inotify (>= 0.9)
      sass (>= 3.3.13, < 3.5)
    compass-core (1.0.3)
      multi_json (~> 1.0)
      sass (>= 3.3.0, < 3.5)
    compass-import-once (1.0.5)
      sass (>= 3.2, < 3.5)
    concurrent-ruby (1.0.2)
    cri (2.7.0)
      colored (~> 1.2)
    dotenv (2.1.1)
    echoe (4.6.6)
      allison (>= 2.0.3)
      rake (>= 0.9.2)
      rdoc (>= 2.5.11)
      rubyforge (>= 2.0.4)
    ffi (1.9.14)
    ffi (1.9.14-x64-mingw32)
    font-awesome-sass (4.7.0)
      sass (>= 3.2)
    formatador (0.2.5)
    guard (2.14.0)
      formatador (>= 0.2.4)
      listen (>= 2.7, < 4.0)
      lumberjack (~> 1.0)
      nenv (~> 0.1)
      notiffany (~> 0.0)
      pry (>= 0.9.12)
      shellany (~> 0.0)
      thor (>= 0.18.1)
    guard-compat (1.2.1)
    guard-nanoc (2.1.1)
      guard (~> 2.8)
      guard-compat (~> 1.0)
      nanoc (>= 4.3.8, < 5.0)
    hamster (3.0.0)
      concurrent-ruby (~> 1.0)
    json_pure (2.0.2)
    kramdown (1.13.0)
    listen (3.1.5)
      rb-fsevent (~> 0.9, >= 0.9.4)
      rb-inotify (~> 0.9, >= 0.9.7)
      ruby_dep (~> 1.2)
    lumberjack (1.0.10)
    method_source (0.8.2)
    mini_portile2 (2.1.0)
    multi_json (1.12.1)
    nanoc (4.4.1)
      cri (~> 2.3)
      hamster (~> 3.0)
      parallel (~> 1.9)
      ref (~> 2.0)
    nenv (0.3.0)
    nokogiri (1.6.8.1)
      mini_portile2 (~> 2.1.0)
    nokogiri (1.6.8.1-x64-mingw32)
      mini_portile2 (~> 2.1.0)
    notiffany (0.1.1)
      nenv (~> 0.1)
      shellany (~> 0.0)
    parallel (1.10.0)
    pry (0.10.4)
      coderay (~> 1.1.0)
      method_source (~> 0.8.1)
      slop (~> 3.4)
    rack (2.0.1)
    rainpress (1.0)
      echoe
    rake (11.3.0)
    rb-fsevent (0.9.8)
    rb-inotify (0.9.7)
      ffi (>= 0.5.0)
    rdoc (5.0.0)
    ref (2.0.0)
    ruby_dep (1.5.0)
    rubyforge (2.0.4)
      json_pure (>= 1.1.7)
    sass (3.4.22)
    shellany (0.0.1)
    slop (3.6.0)
    thor (0.19.1)
    wdm (0.1.1)
    win32console (1.3.2)

PLATFORMS
  ruby
  x64-mingw32

DEPENDENCIES
  adsf (~> 1.2, >= 1.2.1)
  builder (~> 3.2, >= 3.2.2)
  compass (~> 1.0, >= 1.0.3)
  dotenv (~> 2.1, >= 2.1.1)
  font-awesome-sass (~> 4.7)
  guard-nanoc (~> 2.1)
  kramdown (~> 1.12)
  nanoc (~> 4.3, >= 4.3.7)
  nokogiri (~> 1.6, >= 1.6.8)
  rainpress (~> 1.0)
  sass (~> 3.4, >= 3.4.22)
  wdm (>= 0.1.0)
  win32console (~> 1.3, >= 1.3.2)

BUNDLED WITH
   1.13.6
